GEM
  remote: http://rubygems.org/
  specs:
    metaclass (0.0.4)
    mocha (1.1.0)
      metaclass (~> 0.0.1)
    power_assert (0.2.7)
    rake (10.5.0)
    require_all (1.3.3)
    test-unit (3.1.7)
      power_assert

PLATFORMS
  ruby

DEPENDENCIES
  mocha
  rake
  require_all
  test-unit
